PATH
  remote: .
  specs:
    glebtv-unxf (2.1.0)
      rack (>= 1.1)
      rpatricia (~> 1.0)

GEM
  remote: https://rubygems.org/
  specs:
    ffi (1.2.1)
    mini_portile (0.5.1)
    nokogiri (1.6.0)
      mini_portile (~> 0.5.0)
    rack (1.5.2)
    rdoc (3.9.5)
    rpatricia (1.0)
    tidy_ffi (0.1.5)
      ffi (~> 1.2.0)
    wrongdoc (1.6.2)
      nokogiri (~> 1.5)
      rdoc (~> 3.9.4)
      tidy_ffi (~> 0.1.3)

PLATFORMS
  ruby

DEPENDENCIES
  glebtv-unxf!
  wrongdoc (~> 1.5)
